PATH
  remote: .
  specs:
    twitter-text (1.2.4)
      actionpack

GEM
  remote: http://rubygems.org/
  specs:
    abstract (1.0.0)
    actionpack (3.0.1)
      activemodel (= 3.0.1)
      activesupport (= 3.0.1)
      builder (~> 2.1.2)
      erubis (~> 2.6.6)
      i18n (~> 0.4.1)
      rack (~> 1.2.1)
      rack-mount (~> 0.6.12)
      rack-test (~> 0.5.4)
      tzinfo (~> 0.3.23)
    activemodel (3.0.1)
      activesupport (= 3.0.1)
      builder (~> 2.1.2)
      i18n (~> 0.4.1)
    activesupport (3.0.1)
    builder (2.1.2)
    erubis (2.6.6)
      abstract (>= 1.0.0)
    hpricot (0.8.3)
    i18n (0.4.2)
    rack (1.2.1)
    rack-mount (0.6.13)
      rack (>= 1.0.0)
    rack-test (0.5.6)
      rack (>= 1.0)
    rake (0.8.7)
    rcov (0.9.9)
    rspec (1.3.1)
    tzinfo (0.3.23)

PLATFORMS
  ruby

DEPENDENCIES
  actionpack
  hpricot
  rake
  rcov
  rspec (= 1.3.1)
  twitter-text!
